GEM
  remote: https://rubygems.org/
  specs:
    coderay (1.1.2)
    connection_pool (2.2.2)
    method_source (0.9.2)
    net-http-persistent (3.0.0)
      connection_pool (~> 2.2)
    pry (0.12.2)
      coderay (~> 1.1.0)
      method_source (~> 0.9.0)

PLATFORMS
  ruby

DEPENDENCIES
  net-http-persistent
  pry

BUNDLED WITH
   1.17.1
